GEM
  remote: https://rubygems.org/
  specs:
    ffi (1.9.14)

PLATFORMS
  ruby

DEPENDENCIES
  ffi

BUNDLED WITH
   1.13.0.rc.2
